GEM
  remote: http://rubygems.org/
  specs:
    activemodel (4.2.7)
      activesupport (= 4.2.7)
      builder (~> 3.1)
    activesupport (4.2.7)
      i18n (~> 0.7)
      json (~> 1.7, >= 1.7.7)
      minitest (~> 5.1)
      thread_safe (~> 0.3, >= 0.3.4)
      tzinfo (~> 1.1)
    benchmark-ips (2.6.1)
    bson (3.2.6)
    builder (3.2.2)
    byebug (3.5.1)
      columnize (~> 0.8)
      debugger-linecache (~> 1.2)
      slop (~> 3.6)
    coderay (1.1.1)
    columnize (0.9.0)
    connection_pool (2.2.0)
    cuba (3.4.0)
      rack
    debugger-linecache (1.2.0)
    faker (1.4.3)
      i18n (~> 0.5)
    i18n (0.7.0)
    json (1.8.3)
    method_source (0.8.2)
    mina (0.3.2)
      open4 (~> 1.3.4)
      rake
    mina-multistage (1.0.1)
      mina (>= 0.2.1)
    minitest (5.9.0)
    mongoid (4.0.0)
      activemodel (~> 4.0)
      moped (~> 2.0.0)
      origin (~> 2.1)
      tzinfo (>= 0.3.37)
    moped (2.0.7)
      bson (~> 3.0)
      connection_pool (~> 2.0)
      optionable (~> 0.2.0)
    open4 (1.3.4)
    optionable (0.2.0)
    origin (2.2.0)
    pry (0.10.1)
      coderay (~> 1.1.0)
      method_source (~> 0.8.1)
      slop (~> 3.4)
    pry-byebug (2.0.0)
      byebug (~> 3.4)
      pry (~> 0.10)
    puma (2.10.2)
      rack (>= 1.1, < 2.0)
    rack (1.6.4)
    rack-parser (0.6.1)
      rack
    rack-test (0.6.3)
      rack (>= 1.0)
    rake (11.2.2)
    scrivener (0.3.0)
    slop (3.6.0)
    spawn (0.1.4)
    thread_safe (0.3.5)
    tilt (2.0.1)
    tzinfo (1.2.2)
      thread_safe (~> 0.1)

PLATFORMS
  ruby

DEPENDENCIES
  benchmark-ips
  cuba (= 3.4.0)
  faker (= 1.4.3)
  mina (= 0.3.2)
  mina-multistage (= 1.0.1)
  mongoid (= 4.0.0)
  pry (= 0.10.1)
  pry-byebug (= 2.0.0)
  puma (= 2.10.2)
  rack-parser (= 0.6.1)
  rack-test (= 0.6.3)
  scrivener (= 0.3.0)
  spawn (= 0.1.4)
  tilt (= 2.0.1)

BUNDLED WITH
   1.12.5
